GEM
  remote: https://rubygems.org/
  specs:
    daemons (1.2.3)
    eventmachine (1.0.8)
    json (1.8.3)
    mini_portile2 (2.3.0)
    nokogiri (1.8.2)
      mini_portile2 (~> 2.3.0)
    open_uri_redirections (0.2.1)
    rack (1.4.7)
    rack-protection (1.5.0)
      rack
    rake (10.4.2)
    sinatra (1.4.6)
      rack (~> 1.4)
      rack-protection (~> 1.4)
      tilt (>= 1.3, < 3)
    thin (1.6.3)
      daemons (~> 1.0, >= 1.0.9)
      eventmachine (~> 1.0)
      rack (~> 1.0)
    tilt (1.4.1)

PLATFORMS
  ruby

DEPENDENCIES
  json (= 1.8.3)
  nokogiri (= 1.8.2)
  open_uri_redirections (= 0.2.1)
  rake (= 10.4.2)
  sinatra (= 1.4.6)
  thin (= 1.6.3)

RUBY VERSION
   ruby 2.3.1p112

BUNDLED WITH
   1.16.1
