GEM
  remote: https://rubygems.org/
  specs:
    daemons (1.3.1)
    eventmachine (1.2.7)
    json (1.8.3)
    mini_portile2 (2.4.0)
    mustermann (1.0.3)
    nokogiri (1.10.8)
      mini_portile2 (~> 2.4.0)
    open_uri_redirections (0.2.1)
    rack (2.0.7)
    rack-protection (2.0.2)
      rack
    rake (12.3.3)
    sinatra (2.0.2)
      mustermann (~> 1.0)
      rack (~> 2.0)
      rack-protection (= 2.0.2)
      tilt (~> 2.0)
    thin (1.7.2)
      daemons (~> 1.0, >= 1.0.9)
      eventmachine (~> 1.0, >= 1.0.4)
      rack (>= 1, < 3)
    tilt (2.0.10)

PLATFORMS
  ruby

DEPENDENCIES
  json (= 1.8.3)
  nokogiri (= 1.10.8)
  open_uri_redirections (= 0.2.1)
  rack (= 2.0.7)
  rake (= 12.3.3)
  sinatra (= 2.0.2)
  thin (= 1.7.2)

RUBY VERSION
   ruby 2.3.1p112

BUNDLED WITH
   1.16.1
